GEM
  remote: https://rubygems.org/
  specs:
    robotex (1.0.0)

PLATFORMS
  ruby

DEPENDENCIES
  robotex (= 1.0.0)

BUNDLED WITH
   1.15.4
